GEM
  remote: https://gems.ruby-china.org/
  specs:
    activemodel (5.1.3)
      activesupport (= 5.1.3)
    activerecord (5.1.3)
      activemodel (= 5.1.3)
      activesupport (= 5.1.3)
      arel (~> 8.0)
    activesupport (5.1.3)
      concurrent-ruby (~> 1.0, >= 1.0.2)
      i18n (~> 0.7)
      minitest (~> 5.1)
      tzinfo (~> 1.1)
    amq-protocol (2.2.0)
    arel (8.0.0)
    bunny (2.7.0)
      amq-protocol (>= 2.2.0)
    byebug (9.0.6)
    coderay (1.1.1)
    concurrent-ruby (1.0.5)
    database_cleaner (1.6.1)
    factory_girl (4.8.0)
      activesupport (>= 3.0.0)
    i18n (0.8.6)
    method_source (0.8.2)
    minitest (5.10.3)
    mustermann (1.0.1)
    power_assert (0.2.6)
    pry (0.10.4)
      coderay (~> 1.1.0)
      method_source (~> 0.8.1)
      slop (~> 3.4)
    pry-byebug (3.4.2)
      byebug (~> 9.0)
      pry (~> 0.10)
    rack (2.0.3)
    rack-protection (2.0.0)
      rack
    rack-test (0.6.3)
      rack (>= 1.0)
    rake (12.0.0)
    rake-hooks (1.2.3)
      rake
    require_all (1.4.0)
    sinatra (2.0.0)
      mustermann (~> 1.0)
      rack (~> 2.0)
      rack-protection (= 2.0.0)
      tilt (~> 2.0)
    sinatra-activerecord (2.0.13)
      activerecord (>= 3.2)
      sinatra (>= 1.0)
    slop (3.6.0)
    sqlite3 (1.3.13)
    test-unit (3.1.5)
      power_assert
    thread_safe (0.3.6)
    tilt (2.0.8)
    tzinfo (1.2.3)
      thread_safe (~> 0.1)

PLATFORMS
  ruby

DEPENDENCIES
  bunny
  database_cleaner
  factory_girl
  minitest
  pry
  pry-byebug
  rack-test
  rake
  rake-hooks
  require_all
  sinatra
  sinatra-activerecord
  sqlite3
  test-unit

BUNDLED WITH
   1.15.4
